GEM
  remote: https://rubygems.org/
  specs:
    ffi (1.12.2)
    rb-inotify (0.10.1)
      ffi (~> 1.0)
    sass (3.7.4)
      sass-listen (>= 4.0.0)
    sass-listen (4.0.0)
      rb-inotify (>= 0.9.7, >= 0.9)

PLATFORMS
  ruby

DEPENDENCIES
  sass

BUNDLED WITH
   2.1.4
